GEM
  remote: https://rubygems.org/
  specs:
    activemodel (3.2.19)
      activesupport (= 3.2.19)
      builder (~> 3.0.0)
    activerecord (3.2.19)
      activemodel (= 3.2.19)
      activesupport (= 3.2.19)
      arel (~> 3.0.2)
      tzinfo (~> 0.3.29)
    activerecord-oracle_enhanced-adapter (1.4.3)
    activesupport (3.2.19)
      i18n (~> 0.6, >= 0.6.4)
      multi_json (~> 1.0)
    arel (3.0.3)
    builder (3.0.4)
    i18n (0.7.0)
    multi_json (1.10.1)
    ocelot (0.0.8)
    ruby-oci8 (2.1.7-x86-mingw32)
    sqlite3 (1.3.10-x86-mingw32)
    tzinfo (0.3.42)

PLATFORMS
  x86-mingw32

DEPENDENCIES
  activerecord (= 3.2.19)
  activerecord-oracle_enhanced-adapter (~> 1.4.0)
  ocelot (~> 0.0.8)
  ruby-oci8
  sqlite3
