GEM
  remote: https://rubygems.org/
  specs:
    activemodel (3.2.19)
      activesupport (= 3.2.19)
      builder (~> 3.0.0)
    activerecord (3.2.19)
      activemodel (= 3.2.19)
      activesupport (= 3.2.19)
      arel (~> 3.0.2)
      tzinfo (~> 0.3.29)
    activesupport (3.2.19)
      i18n (~> 0.6, >= 0.6.4)
      multi_json (~> 1.0)
    arel (3.0.3)
    builder (3.0.4)
    highline (1.6.21)
    i18n (0.7.0)
    multi_json (1.10.1)
    options (2.3.2)
    progress_bar (1.0.3)
      highline (~> 1.6.1)
      options (~> 2.3.0)
    tzinfo (0.3.42)

PLATFORMS
  x86-mingw32

DEPENDENCIES
  activerecord (= 3.2.19)
  progress_bar
